GEM
  remote: http://rubygems.org/
  specs:
    mini_portile2 (2.5.1)
    nokogiri (1.11.4)
      mini_portile2 (~> 2.5.0)
      racc (~> 1.4)
    racc (1.5.2)
    thor (0.20.3)

PLATFORMS
  ruby

DEPENDENCIES
  nokogiri
  thor

BUNDLED WITH
   1.16.6
