GEM
  remote: http://rubygems.org/
  specs:
    digest-crc (0.4.1)
    mini_portile2 (2.4.0)
    nokogiri (1.10.3)
      mini_portile2 (~> 2.4.0)
    thor (0.20.3)

PLATFORMS
  ruby

DEPENDENCIES
  digest-crc
  nokogiri
  thor

BUNDLED WITH
   1.16.6
