GEM
  remote: http://rubygems.org/
  specs:
    mini_portile2 (2.8.0)
    nokogiri (1.13.2)
      mini_portile2 (~> 2.8.0)
      racc (~> 1.4)
    racc (1.6.0)
    thor (0.20.3)

PLATFORMS
  ruby

DEPENDENCIES
  nokogiri
  thor

BUNDLED WITH
   1.16.6
